PATH
  remote: .
  specs:
    adb-peco (2.0.2)
      device_api-android (~> 1.2)
      peco_selector (~> 1.0)

GEM
  remote: https://rubygems.org/
  specs:
    android-devices (1.0.1)
    coderay (1.1.1)
    device_api (1.0.2)
    device_api-android (1.2.18)
      android-devices
      device_api (~> 1.0.2)
    diff-lcs (1.2.5)
    method_source (0.8.2)
    peco_selector (1.0.0)
    pry (0.10.3)
      coderay (~> 1.1.0)
      method_source (~> 0.8.1)
      slop (~> 3.4)
    rake (13.0.6)
    rspec (3.4.0)
      rspec-core (~> 3.4.0)
      rspec-expectations (~> 3.4.0)
      rspec-mocks (~> 3.4.0)
    rspec-core (3.4.4)
      rspec-support (~> 3.4.0)
    rspec-expectations (3.4.0)
      diff-lcs (>= 1.2.0, < 2.0)
      rspec-support (~> 3.4.0)
    rspec-mocks (3.4.1)
      diff-lcs (>= 1.2.0, < 2.0)
      rspec-support (~> 3.4.0)
    rspec-support (3.4.1)
    slop (3.6.0)

PLATFORMS
  ruby

DEPENDENCIES
  adb-peco!
  bundler (>= 2.2.33)
  pry
  rake (>= 12.3.3)
  rspec (~> 3.0)

BUNDLED WITH
   2.2.33
